GIT
  remote: git://github.com/sickill/coloration.git
  revision: be7873ea67631b822b27f991d485110aab5ab978
  specs:
    coloration (0.3.3)
      color-tools (>= 1.3.0)
      plist (>= 3.1.0)
      textpow19 (>= 0.11)

GEM
  remote: http://rubygems.org/
  specs:
    color-tools (1.3.0)
    plist (3.1.0)
    rack (1.2.1)
    sinatra (1.0)
      rack (>= 1.0)
    textpow19 (0.11.0)
      plist (>= 3.0.1)

PLATFORMS
  ruby

DEPENDENCIES
  coloration!
  sinatra (= 1.0)
